GEM
  remote: http://rubygems.org/
  specs:
    methadone (1.8.0)
      bundler
    tilt (2.0.1)

PLATFORMS
  ruby

DEPENDENCIES
  methadone
  tilt (~> 2.0)
